PATH
  remote: .
  specs:
    fengqiao (0.1.0)
      faraday (~> 0.15)

GEM
  remote: https://rubygems.org/
  specs:
    faraday (0.15.4)
      multipart-post (>= 1.2, < 3)
    minitest (5.11.3)
    multipart-post (2.1.1)
    rake (10.5.0)

PLATFORMS
  ruby

DEPENDENCIES
  bundler (~> 1.17)
  fengqiao!
  minitest (~> 5.0)
  rake (~> 10.0)

BUNDLED WITH
   1.17.2
